GEM
  remote: https://rubygems.org/
  specs:
    aws-sdk (2.9.31)
      aws-sdk-resources (= 2.9.31)
    aws-sdk-core (2.9.31)
      aws-sigv4 (~> 1.0)
      jmespath (~> 1.0)
    aws-sdk-resources (2.9.31)
      aws-sdk-core (= 2.9.31)
    aws-sigv4 (1.0.0)
    colorize (0.8.1)
    commander (4.4.3)
      highline (~> 1.7.2)
    geoengineer (0.1.4)
      aws-sdk (~> 2.2)
      colorize (~> 0.7)
      commander (~> 4.4)
      netaddr (~> 1.5)
      parallel (~> 1.10)
    highline (1.7.8)
    jmespath (1.3.1)
    netaddr (1.5.1)
    parallel (1.11.2)
    rake (12.0.0)

PLATFORMS
  x64-mingw32

DEPENDENCIES
  geoengineer
  rake

BUNDLED WITH
   1.15.1
